GEM
  remote: http://rubygems.org/
  specs:
    albacore (0.3.6)
      rubyzip (< 1.0.0)
    rake (11.1.2)
    rubyzip (0.9.9)
    zip (2.0.2)

PLATFORMS
  x64-mingw32
  x86-mingw32

DEPENDENCIES
  albacore (= 0.3.6)
  rake
  zip

BUNDLED WITH
   1.12.4
